GIT
  remote: https://github.com/wmhobbes/less-rails-bootstrap.git
  revision: d5b3682e329e34e0fc068508ff910e3a7ec227e5
  specs:
    less-rails-bootstrap (2.0.5)
      less-rails (~> 2.1.0)

PATH
  remote: /opt/yggdra/plugins/asgard
  specs:
    asgard (1.0.0)

PATH
  remote: /opt/yggdra/plugins/core_asgard
  specs:
    core_asgard (1.0.0)
      yggdra_plugins

PATH
  remote: /opt/yggdra/plugins/core_hel
  specs:
    core_hel (1.0.0)
      active_rest (>= 3.0.1)
      yggdra_plugins

PATH
  remote: /opt/yggdra/plugins/core_models
  specs:
    core_models (1.0.0)
      active_rest (>= 3.0.1)
      geokit
      geokit-rails3
      tomte-protocol
      uuidtools
      vihai-password
      yggdra_plugins

PATH
  remote: /opt/yggdra/plugins/hel
  specs:
    hel (1.0.0)

PATH
  remote: /opt/yggdra/plugins/yggdra_plugins
  specs:
    yggdra_plugins (1.0.0)

GEM
  remote: http://rubygems.org/
  remote: http://gems.developers.intercom.it/
  specs:
    actionmailer (3.2.2)
      actionpack (= 3.2.2)
      mail (~> 2.4.0)
    actionpack (3.2.2)
      activemodel (= 3.2.2)
      activesupport (= 3.2.2)
      builder (~> 3.0.0)
      erubis (~> 2.7.0)
      journey (~> 1.0.1)
      rack (~> 1.4.0)
      rack-cache (~> 1.1)
      rack-test (~> 0.6.1)
      sprockets (~> 2.1.2)
    active_rest (4.4.1)
    activemodel (3.2.2)
      activesupport (= 3.2.2)
      builder (~> 3.0.0)
    activerecord (3.2.2)
      activemodel (= 3.2.2)
      activesupport (= 3.2.2)
      arel (~> 3.0.2)
      tzinfo (~> 0.3.29)
    activeresource (3.2.2)
      activemodel (= 3.2.2)
      activesupport (= 3.2.2)
    activesupport (3.2.2)
      i18n (~> 0.6)
      multi_json (~> 1.0)
    amq-client (0.9.2)
      amq-protocol (>= 0.9.0)
      eventmachine
    amq-protocol (0.9.0)
    amqp (0.9.4)
      amq-client (~> 0.9.2)
      amq-protocol (>= 0.9.0)
      eventmachine
    arel (3.0.2)
    awesome_print (1.0.2)
    bson (1.6.1)
    bson_ext (1.6.1)
      bson (~> 1.6.1)
    builder (3.0.0)
    case (0.5.2.1)
    changelog (0.8)
    coderay (1.0.5)
    commonjs (0.2.5)
    curb (0.8.0)
    diff-lcs (1.1.3)
    erubis (2.7.0)
    eventmachine (0.12.10)
    exception_notification (2.5.2)
      actionmailer (>= 3.0.4)
    execjs (1.3.0)
      multi_json (~> 1.0)
    factory_girl (3.0.0.rc1)
      activesupport (>= 3.0.0)
    factory_girl_rails (2.0.0.rc)
      factory_girl (~> 3.0.0.rc)
      railties (>= 3.0.0)
    ffi (1.0.11)
    geokit (1.6.5)
      multi_json
    geokit-rails3 (0.1.5)
      geokit (~> 1.5)
      rails (~> 3.0)
    git (1.2.5)
    hike (1.2.1)
    httpclient (2.2.4)
    i18n (0.6.0)
    jeweler (1.8.3)
      bundler (~> 1.0)
      git (>= 1.2.5)
      rake
      rdoc
    journey (1.0.3)
    jquery-rails (2.0.1)
      railties (>= 3.2.0, < 5.0)
      thor (~> 0.14)
    json (1.6.5)
    less (2.0.11)
      commonjs (~> 0.2.0)
      therubyracer (~> 0.9.9)
    less-rails (2.1.8)
      actionpack (>= 3.1)
      less (~> 2.0.7)
    libv8 (3.3.10.4)
    mail (2.4.4)
      i18n (>= 0.4.0)
      mime-types (~> 1.16)
      treetop (~> 1.4.8)
    method_source (0.7.1)
    mime-types (1.17.2)
    multi_json (1.1.0)
    pg (0.13.2)
    polyglot (0.3.3)
    pry (0.9.8.4)
      coderay (~> 1.0.5)
      method_source (~> 0.7.1)
      slop (>= 2.4.4, < 3)
    pry-rails (0.1.6)
      pry
    rack (1.4.1)
    rack-cache (1.2)
      rack (>= 0.4)
    rack-ssl (1.3.2)
      rack
    rack-test (0.6.1)
      rack (>= 1.0)
    rails (3.2.2)
      actionmailer (= 3.2.2)
      actionpack (= 3.2.2)
      activerecord (= 3.2.2)
      activeresource (= 3.2.2)
      activesupport (= 3.2.2)
      bundler (~> 1.0)
      railties (= 3.2.2)
    railties (3.2.2)
      actionpack (= 3.2.2)
      activesupport (= 3.2.2)
      rack-ssl (~> 1.3.2)
      rake (>= 0.8.7)
      rdoc (~> 3.4)
      thor (~> 0.14.6)
    rake (0.9.2.2)
    rdoc (3.12)
      json (~> 1.4)
    riddle (1.5.1)
    rspec (2.9.0)
      rspec-core (~> 2.9.0)
      rspec-expectations (~> 2.9.0)
      rspec-mocks (~> 2.9.0)
    rspec-core (2.9.0)
    rspec-expectations (2.9.0)
      diff-lcs (~> 1.1.3)
    rspec-mocks (2.9.0)
    rspec-rails (2.9.0)
      actionpack (>= 3.0)
      activesupport (>= 3.0)
      railties (>= 3.0)
      rspec (~> 2.9.0)
    rufus-tokyo (1.0.7)
    sass (3.1.15)
    sass-rails (3.2.5)
      railties (~> 3.2.0)
      sass (>= 3.1.10)
      tilt (~> 1.3)
    scruffy (0.2.6)
    slop (2.4.4)
    sprockets (2.1.2)
      hike (~> 1.2)
      rack (~> 1.0)
      tilt (~> 1.1, != 1.3.0)
    statemachine (2.0.1)
    therubyracer (0.9.10)
      libv8 (~> 3.3.10)
    thinking-sphinx (2.0.11)
      activerecord (>= 3.0.3)
      builder (>= 2.1.2)
      riddle (>= 1.5.0)
    thor (0.14.6)
    tilt (1.3.3)
    tomte-core (0.8.1.1)
      activesupport (~> 3.2.0)
      bson (~> 1.6.0)
      bson_ext (~> 1.6.0)
      case (>= 0.5.2)
      changelog
      ffi (>= 1.0.10)
      jeweler (>= 1.8.0)
      json (>= 1.6.4)
      mime-types
      pry (~> 0.9.8)
      rufus-tokyo (>= 1.0.7)
      statemachine (>= 2.0.0)
      thor (~> 0.14.5)
      uuidtools (>= 2.1.0)
      wml-compat (~> 0.8.0)
    tomte-protocol (0.8.1)
      amq-client (~> 0.9.1)
      amqp (~> 0.9.2)
      eventmachine (~> 0.12.10)
      jeweler
      tomte-core (~> 0.8.1)
    treetop (1.4.10)
      polyglot
      polyglot (>= 0.3.1)
    tzinfo (0.3.32)
    uglifier (1.2.3)
      execjs (>= 0.3.0)
      multi_json (>= 1.0.2)
    uuidtools (2.1.2)
    vihai-assert2 (0.6.0)
    vihai-password (1.3.0)
      ffi (>= 1.0.0)
    wml-compat (0.8.1)
      awesome_print (~> 1.0.2)
    ym4r (0.6.1)
    ynetaddr (1.4.1)

PLATFORMS
  ruby

DEPENDENCIES
  active_rest (>= 4.1.0)
  asgard!
  core_asgard!
  core_hel!
  core_models!
  curb (>= 0.7.17)
  exception_notification
  factory_girl_rails (>= 1.1.beta1)
  geokit-rails3
  hel!
  httpclient
  jquery-rails
  less-rails-bootstrap!
  pg
  pry
  pry-rails
  rails (~> 3.2.0)
  rspec (>= 2.0.0)
  rspec-rails (>= 2.0.0)
  sass-rails (~> 3.2.0)
  scruffy
  therubyracer
  thinking-sphinx (>= 2.0.0)
  uglifier (>= 1.0.3)
  uuidtools
  vihai-assert2
  vihai-password (>= 1.2.0)
  yggdra_plugins!
  ym4r
  ynetaddr (>= 1.0.0)
