GIT
  remote: https://github.com/ernie/squeel.git
  revision: 92c01948b5599ab7385613aff0dcba2fd3010459
  specs:
    squeel (1.1.0)
      activerecord (~> 3.0)
      activesupport (~> 3.0)
      polyamorous (~> 0.5.0)

PATH
  remote: /opt/yggdra/plugins/asgard
  specs:
    asgard (1.0.0)

PATH
  remote: /opt/yggdra/plugins/core_asgard
  specs:
    core_asgard (1.0.0)
      yggdra_plugins

PATH
  remote: /opt/yggdra/plugins/core_hel
  specs:
    core_hel (1.0.0)
      active_rest (>= 3.0.1)
      yggdra_plugins

PATH
  remote: /opt/yggdra/plugins/core_models
  specs:
    core_models (1.0.0)
      active_rest (>= 3.0.1)
      geokit
      geokit-rails3
      state_machine
      tomte-protocol (>= 0.8.4.1)
      uuidtools
      vihai-password
      yggdra_plugins

PATH
  remote: /opt/yggdra/plugins/extjs
  specs:
    extjs (4.0.7.1)

PATH
  remote: /opt/yggdra/plugins/hel
  specs:
    hel (1.0.0)

PATH
  remote: /opt/yggdra/plugins/yggdra_plugins
  specs:
    yggdra_plugins (1.0.0)

PATH
  remote: /opt/yggdra/submodules/active_rest
  specs:
    active_rest (4.11.1)

GEM
  remote: http://rubygems.org/
  remote: http://gems.developers.intercom.it/
  specs:
    actionmailer (3.2.8)
      actionpack (= 3.2.8)
      mail (~> 2.4.4)
    actionpack (3.2.8)
      activemodel (= 3.2.8)
      activesupport (= 3.2.8)
      builder (~> 3.0.0)
      erubis (~> 2.7.0)
      journey (~> 1.0.4)
      rack (~> 1.4.0)
      rack-cache (~> 1.2)
      rack-test (~> 0.6.1)
      sprockets (~> 2.1.3)
    activemodel (3.2.8)
      activesupport (= 3.2.8)
      builder (~> 3.0.0)
    activerecord (3.2.8)
      activemodel (= 3.2.8)
      activesupport (= 3.2.8)
      arel (~> 3.0.2)
      tzinfo (~> 0.3.29)
    activeresource (3.2.8)
      activemodel (= 3.2.8)
      activesupport (= 3.2.8)
    activesupport (3.2.8)
      i18n (~> 0.6)
      multi_json (~> 1.0)
    amq-client (0.9.5)
      amq-protocol (>= 0.9.4)
      eventmachine
    amq-protocol (0.9.5)
    amqp (0.9.8)
      amq-client (~> 0.9.5)
      amq-protocol (>= 0.9.4)
      eventmachine
    arel (3.0.2)
    awesome_print (1.0.2)
    bson (1.6.4)
    bson_ext (1.6.4)
      bson (~> 1.6.4)
    builder (3.0.0)
    case (0.5.2.1)
    changelog (0.8)
    coderay (1.0.8)
    commonjs (0.2.6)
    curb (0.8.1)
    diff-lcs (1.1.3)
    erubis (2.7.0)
    eventmachine (1.0.0)
    exception_notification (3.0.0)
      actionmailer (>= 3.0.4)
      tinder (~> 1.8)
    execjs (1.4.0)
      multi_json (~> 1.0)
    factory_girl (4.1.0)
      activesupport (>= 3.0.0)
    factory_girl_rails (4.1.0)
      factory_girl (~> 4.1.0)
      railties (>= 3.0.0)
    faraday (0.8.4)
      multipart-post (~> 1.1)
    faraday_middleware (0.8.8)
      faraday (>= 0.7.4, < 0.9)
    ffi (1.1.5)
    geokit (1.6.5)
      multi_json
    geokit-rails3 (0.1.5)
      geokit (~> 1.5)
      rails (~> 3.0)
    git (1.2.5)
    hashie (1.2.0)
    hashr (0.0.22)
    hike (1.2.1)
    http_parser.rb (0.5.3)
    httpclient (2.3.0.1)
    i18n (0.6.1)
    jeweler (1.8.4)
      bundler (~> 1.0)
      git (>= 1.2.5)
      rake
      rdoc
    journey (1.0.4)
    jquery-rails (2.1.3)
      railties (>= 3.1.0, < 5.0)
      thor (~> 0.14)
    json (1.7.5)
    less (2.2.2)
      commonjs (~> 0.2.6)
    less-rails (2.2.3)
      actionpack (>= 3.1)
      less (~> 2.2.0)
    less-rails-bootstrap (2.1.1)
      less-rails (~> 2.2.0)
    libv8 (3.3.10.4)
    mail (2.4.4)
      i18n (>= 0.4.0)
      mime-types (~> 1.16)
      treetop (~> 1.4.8)
    method_source (0.8.1)
    mime-types (1.19)
    multi_json (1.3.6)
    multipart-post (1.1.5)
    pg (0.14.1)
    polyamorous (0.5.0)
      activerecord (~> 3.0)
    polyglot (0.3.3)
    pry (0.9.10)
      coderay (~> 1.0.5)
      method_source (~> 0.8)
      slop (~> 3.3.1)
    pry-rails (0.2.2)
      pry (>= 0.9.10)
    rack (1.4.1)
    rack-cache (1.2)
      rack (>= 0.4)
    rack-ssl (1.3.2)
      rack
    rack-test (0.6.2)
      rack (>= 1.0)
    rails (3.2.8)
      actionmailer (= 3.2.8)
      actionpack (= 3.2.8)
      activerecord (= 3.2.8)
      activeresource (= 3.2.8)
      activesupport (= 3.2.8)
      bundler (~> 1.0)
      railties (= 3.2.8)
    railties (3.2.8)
      actionpack (= 3.2.8)
      activesupport (= 3.2.8)
      rack-ssl (~> 1.3.2)
      rake (>= 0.8.7)
      rdoc (~> 3.4)
      thor (>= 0.14.6, < 2.0)
    rake (0.9.2.2)
    rdoc (3.12)
      json (~> 1.4)
    rest-client (1.6.7)
      mime-types (>= 1.16)
    rspec (2.11.0)
      rspec-core (~> 2.11.0)
      rspec-expectations (~> 2.11.0)
      rspec-mocks (~> 2.11.0)
    rspec-core (2.11.1)
    rspec-expectations (2.11.3)
      diff-lcs (~> 1.1.3)
    rspec-mocks (2.11.3)
    rspec-rails (2.11.4)
      actionpack (>= 3.0)
      activesupport (>= 3.0)
      railties (>= 3.0)
      rspec (~> 2.11.0)
    rufus-tokyo (1.0.7)
    sass (3.2.1)
    sass-rails (3.2.5)
      railties (~> 3.2.0)
      sass (>= 3.1.10)
      tilt (~> 1.3)
    scruffy (0.2.6)
    simple_oauth (0.1.9)
    slop (3.3.3)
    sprockets (2.1.3)
      hike (~> 1.2)
      rack (~> 1.0)
      tilt (~> 1.1, != 1.3.0)
    state_machine (1.1.2)
    therubyracer (0.10.2)
      libv8 (~> 3.3.10)
    thor (0.14.6)
    tilt (1.3.3)
    tinder (1.9.1)
      eventmachine (>= 0.12.0, < 2)
      faraday (~> 0.8)
      faraday_middleware (~> 0.8)
      hashie (~> 1.0)
      json (~> 1.6)
      mime-types (~> 1.16)
      multi_json (~> 1.0)
      multipart-post (~> 1.1)
      twitter-stream (~> 0.1)
    tire (0.4.3)
      activemodel (>= 3.0)
      hashr (~> 0.0.19)
      multi_json (~> 1.0)
      rake
      rest-client (~> 1.6)
    tire-contrib (0.1.1)
      tire
    tomte-core (0.8.5)
      activesupport (~> 3.2.0)
      bson (~> 1.6.0)
      bson_ext (~> 1.6.0)
      case (>= 0.5.2)
      changelog
      ffi (>= 1.0.10)
      jeweler (>= 1.8.0)
      json (>= 1.6.4)
      mime-types
      pry (~> 0.9.8)
      rufus-tokyo (>= 1.0.7)
      thor (~> 0.14.5)
      uuidtools (>= 2.1.0)
      wml-compat (~> 0.8.0)
    tomte-protocol (0.8.5.1)
      amq-client (~> 0.9.4)
      amqp (~> 0.9.7)
      eventmachine (~> 1.0.0)
      jeweler
      tomte-core (~> 0.8.5)
    treetop (1.4.11)
      polyglot
      polyglot (>= 0.3.1)
    twitter-stream (0.1.16)
      eventmachine (>= 0.12.8)
      http_parser.rb (~> 0.5.1)
      simple_oauth (~> 0.1.4)
    tzinfo (0.3.33)
    uglifier (1.3.0)
      execjs (>= 0.3.0)
      multi_json (~> 1.0, >= 1.0.2)
    uuidtools (2.1.3)
    vihai-assert2 (0.6.0)
    vihai-password (1.3.0)
      ffi (>= 1.0.0)
    wml-compat (0.8.4)
      awesome_print (~> 1.0.2)
      uuidtools (>= 2.1.0)
    ym4r (0.6.1)
    ynetaddr (1.7.1)

PLATFORMS
  ruby

DEPENDENCIES
  active_rest (>= 4.11.0)!
  asgard!
  builder (= 3.0.0)
  core_asgard!
  core_hel!
  core_models!
  curb (>= 0.7.17)
  exception_notification
  extjs!
  factory_girl_rails (>= 1.1.beta1)
  geokit-rails3
  hel!
  httpclient
  jquery-rails
  less-rails-bootstrap
  pg
  pry
  pry-rails
  rails (~> 3.2.0)
  rspec (>= 2.0.0)
  rspec-rails (>= 2.0.0)
  sass-rails (~> 3.2.0)
  scruffy
  squeel!
  state_machine
  therubyracer
  tire
  tire-contrib
  uglifier (>= 1.0.3)
  uuidtools
  vihai-assert2
  vihai-password (>= 1.2.0)
  yggdra_plugins!
  ym4r
  ynetaddr (>= 1.0.0)
