GIT
  remote: git://github.com/rails/exception_notification
  revision: 192a49a02d63d28b23ed41cebadfedd490929cf1
  specs:
    exception_notification (1.0.0)

GIT
  remote: https://github.com/pry/pry
  revision: 8721e71ff0308988865ef8bc9a01314b13f62e8d
  specs:
    pry (0.9.8pre3)
      coderay (~> 1.0.5)
      method_source (~> 0.7)
      slop (>= 2.4.1, < 3)

GIT
  remote: https://github.com/vihai/assert2.git
  revision: 940d4c7deed4212eb4b1fd3d967746c4875ebf60
  specs:
    vihai-assert2 (0.6.0)

GIT
  remote: https://github.com/vihai/vihai-password.git
  revision: 06ca28e09ff7f543635a6ec330a8f70fe6cfc5e5
  specs:
    vihai-password (1.3.0)
      ffi (>= 1.0.0)

GIT
  remote: https://github.com/yggdra/active_rest
  revision: d55af8dd313ee771a0f5b43b296b97ced6d2f8dc
  specs:
    active_rest (3.0.3)

PATH
  remote: ../yggdra/plugins/core_hel
  specs:
    core_hel (1.0.0)
      yggdra_plugins

PATH
  remote: ../yggdra/plugins/core_models
  specs:
    core_models (1.0.0)
      yggdra_plugins

PATH
  remote: ../yggdra/plugins/hel
  specs:
    hel (1.0.0)

PATH
  remote: ../yggdra/plugins/yggdra_plugins
  specs:
    yggdra_plugins (1.0.0)

GEM
  remote: http://gemcutter.org/
  specs:
    actionmailer (3.2.0.rc2)
      actionpack (= 3.2.0.rc2)
      mail (~> 2.3.0)
    actionpack (3.2.0.rc2)
      activemodel (= 3.2.0.rc2)
      activesupport (= 3.2.0.rc2)
      builder (~> 3.0.0)
      erubis (~> 2.7.0)
      journey (~> 1.0.0.rc1)
      rack (~> 1.4.0)
      rack-cache (~> 1.1)
      rack-test (~> 0.6.1)
      sprockets (~> 2.1.2)
    activemodel (3.2.0.rc2)
      activesupport (= 3.2.0.rc2)
      builder (~> 3.0.0)
    activerecord (3.2.0.rc2)
      activemodel (= 3.2.0.rc2)
      activesupport (= 3.2.0.rc2)
      arel (~> 3.0.0.rc1)
      tzinfo (~> 0.3.29)
    activeresource (3.2.0.rc2)
      activemodel (= 3.2.0.rc2)
      activesupport (= 3.2.0.rc2)
    activesupport (3.2.0.rc2)
      i18n (~> 0.6)
      multi_json (~> 1.0)
    arel (3.0.0.rc1)
    builder (3.0.0)
    coderay (1.0.5)
    diff-lcs (1.1.3)
    erubis (2.7.0)
    factory_girl (2.3.2)
      activesupport
    factory_girl_rails (1.4.0)
      factory_girl (~> 2.3.0)
      railties (>= 3.0.0)
    ffi (1.0.11)
    geokit (1.6.0)
    geokit-rails3 (0.1.5)
      geokit (~> 1.5)
      rails (~> 3.0)
    hike (1.2.1)
    httpclient (2.2.4)
    i18n (0.6.0)
    journey (1.0.0.rc4)
    json (1.6.4)
    mail (2.3.0)
      i18n (>= 0.4.0)
      mime-types (~> 1.16)
      treetop (~> 1.4.8)
    method_source (0.7.0)
    mime-types (1.17.2)
    multi_json (1.0.4)
    pg (0.12.2)
    polyglot (0.3.3)
    pry-doc (0.3.0)
      pry (>= 0.9.0)
      yard (>= 0.6.4)
    pry-rails (0.1.0)
      pry
      pry-doc
    rack (1.4.0)
    rack-cache (1.1)
      rack (>= 0.4)
    rack-ssl (1.3.2)
      rack
    rack-test (0.6.1)
      rack (>= 1.0)
    rails (3.2.0.rc2)
      actionmailer (= 3.2.0.rc2)
      actionpack (= 3.2.0.rc2)
      activerecord (= 3.2.0.rc2)
      activeresource (= 3.2.0.rc2)
      activesupport (= 3.2.0.rc2)
      bundler (~> 1.0)
      railties (= 3.2.0.rc2)
    railties (3.2.0.rc2)
      actionpack (= 3.2.0.rc2)
      activesupport (= 3.2.0.rc2)
      rack-ssl (~> 1.3.2)
      rake (>= 0.8.7)
      rdoc (~> 3.4)
      thor (~> 0.14.6)
    rake (0.9.2.2)
    rdoc (3.12)
      json (~> 1.4)
    riddle (1.5.1)
    rspec (2.8.0)
      rspec-core (~> 2.8.0)
      rspec-expectations (~> 2.8.0)
      rspec-mocks (~> 2.8.0)
    rspec-core (2.8.0)
    rspec-expectations (2.8.0)
      diff-lcs (~> 1.1.2)
    rspec-mocks (2.8.0)
    rspec-rails (2.8.1)
      actionpack (>= 3.0)
      activesupport (>= 3.0)
      railties (>= 3.0)
      rspec (~> 2.8.0)
    scruffy (0.2.6)
    slop (2.4.2)
    sprockets (2.1.2)
      hike (~> 1.2)
      rack (~> 1.0)
      tilt (~> 1.1, != 1.3.0)
    thinking-sphinx (2.0.11)
      activerecord (>= 3.0.3)
      builder (>= 2.1.2)
      riddle (>= 1.5.0)
    thor (0.14.6)
    tilt (1.3.3)
    treetop (1.4.10)
      polyglot
      polyglot (>= 0.3.1)
    tzinfo (0.3.31)
    uuidtools (2.1.2)
    yard (0.7.4)
    ym4r (0.6.1)

PLATFORMS
  ruby

DEPENDENCIES
  active_rest (>= 3.0.1)!
  core_hel!
  core_models!
  exception_notification!
  factory_girl_rails (>= 1.1.beta1)
  geokit
  geokit-rails3
  hel!
  httpclient
  pg
  pry!
  pry-rails
  rails (~> 3.2.0.rc2)
  rspec (>= 2.0.0)
  rspec-rails (>= 2.0.0)
  scruffy
  thinking-sphinx (>= 2.0.0)
  uuidtools
  vihai-assert2!
  vihai-password (>= 1.2.0)!
  yggdra_plugins!
  ym4r
